GEM
  remote: http://rubygems.org/
  specs:
    rake (0.9.2)
    sequel (3.30.0)
    sqlite3 (1.3.5)

PLATFORMS
  ruby

DEPENDENCIES
  rake
  sequel
  sqlite3
